GEM
  remote: http://rubygems.org/
  specs:
    addressable (2.3.3)
    aruba (0.5.1)
      childprocess (~> 0.3.6)
      cucumber (>= 1.1.1)
      rspec-expectations (>= 2.7.0)
    builder (3.1.4)
    childprocess (0.3.8)
      ffi (~> 1.0, >= 1.0.11)
    crack (0.3.2)
    cucumber (1.2.1)
      builder (>= 2.1.2)
      diff-lcs (>= 1.1.3)
      gherkin (~> 2.11.0)
      json (>= 1.4.6)
    daemons (1.1.9)
    diff-lcs (1.1.3)
    eventmachine (1.0.0)
    ffi (1.4.0)
    gherkin (2.11.6)
      json (>= 1.7.6)
    highline (1.6.15)
    httparty (0.10.2)
      multi_json (~> 1.0)
      multi_xml (>= 0.5.2)
    json (1.7.7)
    multi_json (1.6.1)
    multi_xml (0.5.3)
    rack (1.5.2)
    rake (10.0.3)
    rspec (2.12.0)
      rspec-core (~> 2.12.0)
      rspec-expectations (~> 2.12.0)
      rspec-mocks (~> 2.12.0)
    rspec-core (2.12.2)
    rspec-expectations (2.12.1)
      diff-lcs (~> 1.1.3)
    rspec-mocks (2.12.2)
    thin (1.5.0)
      daemons (>= 1.0.9)
      eventmachine (>= 0.12.6)
      rack (>= 1.0.0)
    tvdb_party (0.6.2)
      httparty (>= 0.6.1)
    webmock (1.9.3)
      addressable (>= 2.2.7)
      crack (>= 0.3.2)

PLATFORMS
  ruby

DEPENDENCIES
  aruba
  cucumber
  highline
  httparty
  rake
  rspec
  thin
  tvdb_party
  webmock
